GEM
  remote: http://rubygems.org/
  specs:
    babypool (0.1.0)
    bacon (1.1.0)
    daemons (1.1.0)
    eventmachine (0.12.10)
    git (1.2.5)
    jeweler (1.5.2)
      bundler (~> 1.0.0)
      git (>= 1.2.5)
      rake
    katamari (0.0.1)
    rack (1.2.1)
    rake (0.8.7)
    rcov (0.9.9)
    sinatra (1.1.2)
      rack (~> 1.1)
      tilt (~> 1.2)
    spec-more (0.0.3)
      bacon
    thin (1.2.7)
      daemons (>= 1.0.9)
      eventmachine (>= 0.12.6)
      rack (>= 1.0.0)
    tilt (1.2.2)

PLATFORMS
  ruby

DEPENDENCIES
  babypool
  bundler (~> 1.0.0)
  jeweler (~> 1.5.2)
  katamari
  rcov
  sinatra (> 1.1.0)
  spec-more
  thin
